GEM
  remote: https://rubygems.org/
  specs:
    git (1.3.0)
    rake (12.3.3)

PLATFORMS
  ruby

DEPENDENCIES
  git (~> 1.2)
  rake (~> 12.3)

BUNDLED WITH
   1.12.3
